GIT
  remote: git://github.com/BlackacreLabs/bluebook.git
  revision: 99d42ccf8e4afe7c0b788be0a8bd94269f82b733
  specs:
    bluebook (19.0.0.alpha1)
      thor (~> 0.16)

GEM
  remote: http://rubygems.org/
  specs:
    addressable (2.3.2)
    backports (2.6.7)
    barista (1.3.0)
      coffee-script (~> 2.2)
    coffee-script (2.2.0)
      coffee-script-source
      execjs
    coffee-script-source (1.4.0)
    daemons (1.1.9)
    eventmachine (1.0.0)
    execjs (1.4.0)
      multi_json (~> 1.0)
    foreman (0.61.0)
      thor (>= 0.13.6)
    haml (3.1.7)
    multi_json (1.5.0)
    rack (1.5.1)
    rack-canonical-host (0.0.8)
      addressable
      rack (~> 1.0)
    rack-google-analytics (0.11.0)
    rack-protection (1.3.2)
      rack
    rack-test (0.6.2)
      rack (>= 1.0)
    shotgun (0.9)
      rack (>= 1.0)
    sinatra (1.3.4)
      rack (~> 1.4)
      rack-protection (~> 1.3)
      tilt (~> 1.3, >= 1.3.3)
    sinatra-contrib (1.3.2)
      backports (>= 2.0)
      eventmachine
      rack-protection
      rack-test
      sinatra (~> 1.3.0)
      tilt (~> 1.3)
    thin (1.5.0)
      daemons (>= 1.0.9)
      eventmachine (>= 0.12.6)
      rack (>= 1.0.0)
    thor (0.17.0)
    tilt (1.3.3)

PLATFORMS
  ruby

DEPENDENCIES
  barista
  bluebook!
  foreman
  haml
  rack-canonical-host
  rack-google-analytics
  shotgun
  sinatra
  sinatra-contrib
  thin
