GIT
  remote: git://github.com/BlackacreLabs/bluebook.git
  revision: 99d42ccf8e4afe7c0b788be0a8bd94269f82b733
  specs:
    bluebook (19.0.0.alpha1)
      thor (~> 0.16)

GEM
  remote: http://rubygems.org/
  specs:
    addressable (2.3.2)
    backports (2.6.7)
    coderay (1.0.8)
    coffee-script (2.2.0)
      coffee-script-source
      execjs
    coffee-script-source (1.4.0)
    daemons (1.1.9)
    eventmachine (1.0.0)
    execjs (1.4.0)
      multi_json (~> 1.0)
    ffi (1.3.1)
    foreman (0.61.0)
      thor (>= 0.13.6)
    guard (1.6.2)
      listen (>= 0.6.0)
      lumberjack (>= 1.0.2)
      pry (>= 0.9.10)
      terminal-table (>= 1.4.3)
      thor (>= 0.14.6)
    guard-coffeescript (1.2.1)
      coffee-script (>= 2.2.0)
      guard (>= 1.1.0)
    guard-rack (1.3.1)
      ffi (~> 1.3.1)
      guard (~> 1.1)
      libnotify (~> 0.1.3)
      rb-inotify (>= 0.5.1)
      spoon (~> 0.0.1)
    haml (3.1.7)
    libnotify (0.1.4)
      ffi (>= 0.6.2)
    listen (0.7.2)
    lumberjack (1.0.2)
    method_source (0.8.1)
    multi_json (1.5.0)
    pry (0.9.11.4)
      coderay (~> 1.0.5)
      method_source (~> 0.8)
      slop (~> 3.4)
    rack (1.5.1)
    rack-canonical-host (0.0.8)
      addressable
      rack (~> 1.0)
    rack-google-analytics (0.11.0)
    rack-protection (1.3.2)
      rack
    rack-test (0.6.2)
      rack (>= 1.0)
    rb-inotify (0.8.8)
      ffi (>= 0.5.0)
    sinatra (1.3.4)
      rack (~> 1.4)
      rack-protection (~> 1.3)
      tilt (~> 1.3, >= 1.3.3)
    sinatra-contrib (1.3.2)
      backports (>= 2.0)
      eventmachine
      rack-protection
      rack-test
      sinatra (~> 1.3.0)
      tilt (~> 1.3)
    slop (3.4.3)
    spoon (0.0.1)
    terminal-table (1.4.5)
    thin (1.5.0)
      daemons (>= 1.0.9)
      eventmachine (>= 0.12.6)
      rack (>= 1.0.0)
    thor (0.17.0)
    tilt (1.3.3)

PLATFORMS
  ruby

DEPENDENCIES
  bluebook!
  foreman
  guard-coffeescript
  guard-rack
  haml
  rack-canonical-host
  rack-google-analytics
  sinatra
  sinatra-contrib
  thin
